GIT
  remote: git://github.com/sinatra/sinatra-contrib.git
  revision: 9f41818c961af443a7848adc1c97309136606089
  specs:
    sinatra-contrib (1.2.0)
      backports (>= 2.0)
      rack-test
      sinatra (~> 1.2.3)
      tilt (~> 1.3)

GEM
  remote: http://rubygems.org/
  specs:
    activesupport (3.0.7)
    addressable (2.2.6)
    backports (2.2.1)
    builder (3.0.0)
    crack (0.1.8)
    hoptoad_notifier (2.4.9)
      activesupport
      builder
    httparty (0.7.7)
      crack (= 0.1.8)
    json (1.5.1)
    newrelic_rpm (3.0.0)
    rack (1.2.2)
    rack-test (0.6.0)
      rack (>= 1.0)
    redcarpet (1.14.2)
    shotgun (0.9)
      rack (>= 1.0)
    sinatra (1.2.6)
      rack (~> 1.1)
      tilt (< 2.0, >= 1.2.2)
    tilt (1.3)
    vcr (1.10.0)
    webmock (1.6.4)
      addressable (> 2.2.5, ~> 2.2)
      crack (>= 0.1.7)

PLATFORMS
  ruby

DEPENDENCIES
  backports
  hoptoad_notifier
  httparty
  json
  newrelic_rpm
  rack-test
  redcarpet
  shotgun
  sinatra
  sinatra-contrib!
  vcr
  webmock
