GEM
  remote: http://rubygems.org/
  specs:
    activesupport (3.0.6)
    addressable (2.2.4)
    builder (3.0.0)
    crack (0.1.8)
    hoptoad_notifier (2.4.9)
      activesupport
      builder
    httparty (0.7.4)
      crack (= 0.1.8)
    json (1.4.6)
    newrelic_rpm (2.14.1)
    rack (1.2.2)
    rack-test (0.5.7)
      rack (>= 1.0)
    shotgun (0.9)
      rack (>= 1.0)
    sinatra (1.2.1)
      rack (~> 1.1)
      tilt (< 2.0, >= 1.2.2)
    tilt (1.2.2)
    vcr (1.8.0)
    webmock (1.6.2)
      addressable (>= 2.2.2)
      crack (>= 0.1.7)

PLATFORMS
  ruby

DEPENDENCIES
  hoptoad_notifier
  httparty
  json
  newrelic_rpm
  rack-test
  shotgun
  sinatra
  vcr
  webmock
