GIT
  remote: git://github.com/sinatra/sinatra-contrib.git
  revision: 88a2197d3936d0117b092132444241c97d0812d5
  specs:
    sinatra-contrib (1.2.0)
      backports (>= 2.0)
      rack-test
      sinatra (~> 1.2.3)
      tilt (~> 1.3)

GEM
  remote: http://rubygems.org/
  specs:
    ParseTree (3.0.7)
      RubyInline (>= 3.7.0)
      sexp_processor (>= 3.0.0)
    RubyInline (3.9.0)
      ZenTest (~> 4.3)
    ZenTest (4.5.0)
    activesupport (3.0.7)
    addressable (2.2.6)
    async-rack (0.5.1)
      rack (~> 1.1)
    backports (2.2.1)
    builder (3.0.0)
    crack (0.1.8)
    daemons (1.1.3)
    diff-lcs (1.1.2)
    em-http-request (0.3.0)
      addressable (>= 2.0.0)
      escape_utils
      eventmachine (>= 0.12.9)
    em-resolv-replace (1.1.1)
    em-synchrony (0.2.0)
      eventmachine (>= 0.12.9)
    escape_utils (0.2.3)
    eventmachine (0.12.10)
    file-tail (1.0.5)
      spruz (>= 0.1.0)
    hoptoad_notifier (2.4.10)
      activesupport
      builder
    newrelic_rpm (3.0.1)
    predicated (0.2.6)
    rack (1.3.0)
    rack-fiber_pool (0.9.1)
    rack-test (0.6.0)
      rack (>= 1.0)
    redcarpet (1.14.2)
    ruby2ruby (1.2.5)
      ruby_parser (~> 2.0)
      sexp_processor (~> 3.0)
    ruby_parser (2.0.6)
      sexp_processor (~> 3.0)
    sexp_processor (3.0.5)
    shotgun (0.9)
      rack (>= 1.0)
    sinatra (1.2.6)
      rack (~> 1.1)
      tilt (< 2.0, >= 1.2.2)
    sinatra-synchrony (0.0.3)
      async-rack (= 0.5.1)
      em-http-request (= 0.3.0)
      em-resolv-replace (= 1.1.1)
      em-synchrony (= 0.2.0)
      rack-fiber_pool (= 0.9.1)
      sinatra (>= 1.0)
    sourcify (0.5.0)
      file-tail (>= 1.0.5)
      ruby2ruby (>= 1.2.5)
      ruby_parser (>= 2.0.5)
      sexp_processor (>= 3.0.5)
    spruz (0.2.7)
    thin (1.2.11)
      daemons (>= 1.0.9)
      eventmachine (>= 0.12.6)
      rack (>= 1.0.0)
    tilt (1.3.1)
    vcr (1.10.0)
    webmock (1.6.4)
      addressable (> 2.2.5, ~> 2.2)
      crack (>= 0.1.7)
    wrong (0.5.0)
      ParseTree (~> 3.0)
      diff-lcs (~> 1.1.2)
      file-tail (~> 1.0)
      predicated (>= 0.2.2)
      ruby2ruby (~> 1.2)
      ruby_parser (~> 2.0.4)
      sexp_processor (~> 3.0)
      sourcify (>= 0.3.0)
    yajl-ruby (0.8.2)

PLATFORMS
  ruby

DEPENDENCIES
  backports
  hoptoad_notifier
  newrelic_rpm
  rack-test
  redcarpet
  shotgun
  sinatra-contrib!
  sinatra-synchrony
  thin
  vcr
  webmock
  wrong
  yajl-ruby
